GEM
  remote: https://rubygems.org/
  specs:
    eventmachine (1.2.7)
    little-plugger (1.1.4)
    logging (2.2.2)
      little-plugger (~> 1.1)
      multi_json (~> 1.10)
    multi_json (1.13.1)
    nats-pure (0.5.0)

PLATFORMS
  ruby

DEPENDENCIES
  eventmachine
  logging (~> 2.2, >= 2.2.2)
  multi_json (~> 1.13, >= 1.13.1)
  nats-pure (~> 0.5.0)

BUNDLED WITH
   1.17.2
