GEM
  remote: https://rubygems.org/
  specs:
    eventmachine (1.2.7)
    little-plugger (1.1.4)
    logging (2.2.2)
      little-plugger (~> 1.1)
      multi_json (~> 1.10)
    multi_json (1.13.1)
    nats (0.10.0)
      eventmachine (~> 1.2, >= 1.2)

PLATFORMS
  ruby

DEPENDENCIES
  logging (~> 2.2, >= 2.2.2)
  multi_json (~> 1.13, >= 1.13.1)
  nats (~> 0.10.0)

BUNDLED WITH
   1.17.2
